GEM
  remote: https://rubygems.org/
  specs:
    rest-open-uri (1.0.0)

PLATFORMS
  ruby

DEPENDENCIES
  rest-open-uri (~> 1.0.0)

BUNDLED WITH
   1.12.5
